PATH
  remote: .
  specs:
    fremont (2.0.0.beta3)
      bcrypt_pbkdf
      clamp (~> 1.3.2)
      ed25519
      net-ssh

GEM
  remote: https://rubygems.org/
  specs:
    bcrypt_pbkdf (1.1.1)
    bcrypt_pbkdf (1.1.1-arm64-darwin)
    bcrypt_pbkdf (1.1.1-x86_64-darwin)
    clamp (1.3.2)
    ed25519 (1.3.0)
    minitest (5.25.2)
    net-ssh (7.3.0)
    rake (13.2.1)

PLATFORMS
  arm64-darwin
  ruby
  x86_64-darwin

DEPENDENCIES
  fremont!
  minitest (~> 5.16)
  rake (~> 13.0)

BUNDLED WITH
   2.5.6
